GIT
  remote: git@github.com:rutan/ruboty-twitter.git
  revision: 26e2a034d6695953d0542942167755b2cf91cadb
  branch: add_retweet_status
  specs:
    ruboty-twitter (0.0.8)
      activesupport
      mem
      ruboty
      twitter (>= 5.0.0)

GEM
  remote: https://rubygems.org/
  specs:
    activesupport (4.2.4)
      i18n (~> 0.7)
      json (~> 1.7, >= 1.7.7)
      minitest (~> 5.1)
      thread_safe (~> 0.3, >= 0.3.4)
      tzinfo (~> 1.1)
    addressable (2.3.8)
    buftok (0.2.0)
    chrono (0.1.0)
      activesupport
    dotenv (2.0.2)
    equalizer (0.0.11)
    faraday (0.9.2)
      multipart-post (>= 1.2, < 3)
    faraday_middleware (0.9.2)
      faraday (>= 0.7.4, < 0.10)
    http (0.6.4)
      http_parser.rb (~> 0.6.0)
    http_parser.rb (0.6.0)
    i18n (0.7.0)
    json (1.8.3)
    mem (0.1.5)
    memoizable (0.4.2)
      thread_safe (~> 0.3, >= 0.3.1)
    mime-types (2.6.2)
    minitest (5.8.1)
    multipart-post (2.0.0)
    n_cipher (0.4.2)
      thor
    naught (1.1.0)
    oauth (0.4.7)
    ruboty (1.2.2)
      activesupport
      bundler
      dotenv
      mem
      slop
    ruboty-cron (1.1.0)
      activesupport
      chrono
      ruboty (>= 0.2.0)
    ruboty-google_image (0.0.7)
      faraday
      faraday_middleware
      ruboty
    ruboty-shinchoku (0.0.1)
      ruboty
      tumblr-random_image
      tumblr_client
    ruboty-tryruby (0.0.1)
      ruboty
    simple_oauth (0.3.1)
    slop (4.2.0)
    thor (0.19.1)
    thread_safe (0.3.5)
    tumblr-random_image (0.0.1)
      tumblr_client
    tumblr_client (0.8.5)
      faraday (~> 0.9.0)
      faraday_middleware (~> 0.9.0)
      json
      mime-types
      oauth
      simple_oauth
    twitter (5.14.0)
      addressable (~> 2.3)
      buftok (~> 0.2.0)
      equalizer (~> 0.0.9)
      faraday (~> 0.9.0)
      http (~> 0.6.0)
      http_parser.rb (~> 0.6.0)
      json (~> 1.8)
      memoizable (~> 0.4.0)
      naught (~> 1.0)
      simple_oauth (~> 0.3.0)
    tzinfo (1.2.2)
      thread_safe (~> 0.1)

PLATFORMS
  ruby

DEPENDENCIES
  n_cipher
  ruboty
  ruboty-cron
  ruboty-google_image
  ruboty-shinchoku
  ruboty-tryruby
  ruboty-twitter!
  twitter (= 5.14.0)
